GEM
  remote: https://rubygems.org/
  specs:
    rake (13.0.3)
    rdoc (4.2.1)
    redcarpet (3.5.1)
    yard (0.9.25)

PLATFORMS
  ruby

DEPENDENCIES
  rake
  rdoc
  redcarpet
  yard

BUNDLED WITH
   2.1.4
